GEM
  remote: https://rubygems.org/
  specs:
    diff-lcs (1.5.0)
    file_utils (1.0.6)
    gemcutter (0.7.1)
    gemspec_deps_gen (1.0.5)
      file_utils
    jar_wrapper (0.1.7)
      zip
    metaclass (0.0.1)
    mocha (0.13.2)
      metaclass (~> 0.0.1)
    rspec (3.12.0)
      rspec-core (~> 3.12.0)
      rspec-expectations (~> 3.12.0)
      rspec-mocks (~> 3.12.0)
    rspec-core (3.12.2)
      rspec-support (~> 3.12.0)
    rspec-expectations (3.12.3)
      diff-lcs (>= 1.2.0, < 2.0)
      rspec-support (~> 3.12.0)
    rspec-mocks (3.12.5)
      diff-lcs (>= 1.2.0, < 2.0)
      rspec-support (~> 3.12.0)
    rspec-support (3.12.0)
    zip (2.0.2)

PLATFORMS
  x86_64-linux

DEPENDENCIES
  gemcutter
  gemspec_deps_gen
  jar_wrapper
  mocha
  rspec

BUNDLED WITH
   2.4.13
